GEM
  remote: https://rubygems.org/
  specs:
    kgio (2.8.0)
    rack (1.4.1)
    raindrops (0.11.0)
    sinatra (1.1.0)
      rack (~> 1.1)
      tilt (~> 1.1)
    tilt (1.3.3)
    unicorn (4.6.3)
      kgio (~> 2.6)
      rack
      raindrops (~> 0.7)

PLATFORMS
  ruby

DEPENDENCIES
  rack
  sinatra
  unicorn
